GIT
  remote: git://github.com/gleuch/sinatra-content-for.git
  revision: fa1a84729f9bb3e42d92516aaf020557b805ff37
  specs:
    sinatra-content-for (0.2)
      sinatra

GEM
  remote: https://rubygems.org/
  specs:
    activemodel (3.2.14)
      activesupport (= 3.2.14)
      builder (~> 3.0.0)
    activerecord (3.2.14)
      activemodel (= 3.2.14)
      activesupport (= 3.2.14)
      arel (~> 3.0.2)
      tzinfo (~> 0.3.29)
    activesupport (3.2.14)
      i18n (~> 0.6, >= 0.6.4)
      multi_json (~> 1.0)
    addressable (2.3.5)
    arel (3.0.2)
    builder (3.0.4)
    climate_control (0.0.3)
      activesupport (>= 3.0)
    cocaine (0.5.3)
      climate_control (>= 0.0.3, < 1.0)
    color (1.4.2)
    crack (0.4.1)
      safe_yaml (~> 0.9.0)
    friendly_id (4.0.10.1)
      activerecord (>= 3.0, < 4.0)
    haml (4.0.3)
      tilt
    i18n (0.6.5)
    mime-types (1.25)
    multi_json (1.8.2)
    mysql2 (0.3.13)
    oj (2.1.4)
    paperclip (3.5.1)
      activemodel (>= 3.0.0)
      activesupport (>= 3.0.0)
      cocaine (~> 0.5.0)
      mime-types
    r18n-core (1.1.7)
    rack (1.5.2)
    rack-protection (1.5.1)
      rack
    rake (10.1.0)
    redis (3.0.5)
    rmagick (2.13.2)
    ruby-prof (0.13.0)
    safe_yaml (0.9.7)
    shotgun (0.9)
      rack (>= 1.0)
    sinatra (1.4.4)
      rack (~> 1.4)
      rack-protection (~> 1.4)
      tilt (~> 1.3, >= 1.3.4)
    sinatra-activerecord (1.2.3)
      activerecord (>= 3.0)
      sinatra (~> 1.0)
    sinatra-flash (0.3.0)
      sinatra (>= 1.0.0)
    sinatra-r18n (1.1.7)
      r18n-core (= 1.1.7)
      sinatra (>= 1.3)
    sinatra-respond_to (0.9.0)
      sinatra (~> 1.3)
    tilt (1.4.1)
    tzinfo (0.3.38)

PLATFORMS
  ruby

DEPENDENCIES
  activerecord (= 3.2.14)
  addressable (= 2.3.5)
  color (= 1.4.2)
  crack (= 0.4.1)
  friendly_id (= 4.0.10.1)
  haml (= 4.0.3)
  mysql2 (= 0.3.13)
  oj (= 2.1.4)
  paperclip (= 3.5.1)
  rack (= 1.5.2)
  rake (= 10.1.0)
  redis (= 3.0.5)
  rmagick (= 2.13.2)
  ruby-prof (= 0.13.0)
  shotgun (= 0.9)
  sinatra (= 1.4.4)
  sinatra-activerecord (= 1.2.3)
  sinatra-content-for (= 0.2)!
  sinatra-flash (= 0.3.0)
  sinatra-r18n (= 1.1.7)
  sinatra-respond_to (= 0.9.0)
